GEM
  remote: https://rubygems.org/
  remote: http://rubygems.org/
  specs:
    rack (1.4.5)

PLATFORMS
  ruby

DEPENDENCIES
  rack
